GIT
  remote: https://github.com/bernd/fpm-cookery
  revision: 2b96f5fdd51611791c2a2c370da2198fcab1662c
  specs:
    fpm-cookery (0.13.0)
      facter
      fpm (~> 0.4)
      puppet

GEM
  remote: https://rubygems.org/
  specs:
    arr-pm (0.0.8)
      cabin (> 0)
    backports (2.6.2)
    cabin (0.6.0)
    clamp (0.3.1)
    facter (1.6.18)
    fpm (0.4.31)
      arr-pm (~> 0.0.8)
      backports (= 2.6.2)
      cabin (>= 0.6.0)
      clamp (= 0.3.1)
      json (~> 1.7.7)
      open4
    hiera (1.2.0)
      json_pure
    json (1.7.7)
    json_pure (1.7.7)
    open4 (1.3.0)
    puppet (3.1.1)
      facter (~> 1.6)
      hiera (~> 1.0)

PLATFORMS
  ruby

DEPENDENCIES
  fpm-cookery!
